GEM
  remote: https://rubygems.org/
  specs:
    addressable (2.4.0)
    binding_of_caller (0.7.2)
      debug_inspector (>= 0.0.1)
    coderay (1.1.1)
    debug_inspector (0.0.2)
    faraday (0.9.2)
      multipart-post (>= 1.2, < 3)
    koala (2.3.0)
      addressable
      faraday
      multi_json
    method_source (0.8.2)
    multi_json (1.12.0)
    multipart-post (2.0.0)
    pry (0.10.3)
      coderay (~> 1.1.0)
      method_source (~> 0.8.1)
      slop (~> 3.4)
    pry-remote (0.1.8)
      pry (~> 0.9)
      slop (~> 3.0)
    pry-stack_explorer (0.4.9.2)
      binding_of_caller (>= 0.7)
      pry (>= 0.9.11)
    slop (3.6.0)

PLATFORMS
  ruby

DEPENDENCIES
  koala (~> 2.2)
  pry
  pry-remote
  pry-stack_explorer

BUNDLED WITH
   1.12.3
